GEM
  remote: https://rubygems.org/
  remote: http://gems.ai-traders.com/
  specs:
    addressable (2.4.0)
    ait-configurator (0.1.3)
      psych (~> 2.0.5)
    ast (2.2.0)
    astrolabe (1.3.1)
      parser (~> 2.2)
    blockenspiel (0.5.0)
    boson (1.3.0)
    diff-lcs (1.2.5)
    diplomat (1.0.0)
      faraday (~> 0.9)
      json
    excon (0.45.4)
    faraday (0.9.2)
      multipart-post (>= 1.2, < 3)
    gem-release (0.7.3)
    gemrake (0.3.5)
      gem-release (= 0.7.3)
      gitrake (>= 0.3.0)
      oversion (>= 0.3.0)
      rake (>= 10.4.2)
      repocritic (>= 1.0.2)
      rspec (>= 3.3.0)
      rubocop (>= 0.31.0)
      stickler (>= 2.4.2)
    gherkin (2.12.2)
      multi_json (~> 1.3)
    git (100.2.9.1)
    gitrake (0.3.0)
      git (= 100.2.9.1)
      oversion (>= 0.3.0)
      rake (>= 10.4.2)
      repocritic (>= 1.0.0)
      versionomy (= 0.5.0)
    json (2.0.2)
    little-plugger (1.1.4)
    logging (1.8.2)
      little-plugger (>= 1.1.3)
      multi_json (>= 1.8.4)
    multi_json (1.12.1)
    multipart-post (2.0.0)
    oversion (0.3.2)
      ait-configurator (>= 0.1.2)
      diplomat (>= 0.13.1)
    parser (2.3.0.1)
      ast (~> 2.2)
    powerpack (0.1.1)
    psych (2.0.17)
    rack (1.6.4)
    rack-protection (1.5.3)
      rack
    rainbow (2.0.0)
    rake (10.5.0)
    repocritic (1.0.2)
      boson (= 1.3.0)
      gherkin (~> 2.11)
      oversion (>= 0.3.0)
    rspec (3.3.0)
      rspec-core (~> 3.3.0)
      rspec-expectations (~> 3.3.0)
      rspec-mocks (~> 3.3.0)
    rspec-core (3.3.2)
      rspec-support (~> 3.3.0)
    rspec-expectations (3.3.1)
      diff-lcs (>= 1.2.0, < 2.0)
      rspec-support (~> 3.3.0)
    rspec-mocks (3.3.2)
      diff-lcs (>= 1.2.0, < 2.0)
      rspec-support (~> 3.3.0)
    rspec-support (3.3.0)
    rubocop (0.35.1)
      astrolabe (~> 1.3)
      parser (>= 2.2.3.0, < 3.0)
      powerpack (~> 0.1)
      rainbow (>= 1.99.1, < 3.0)
      ruby-progressbar (~> 1.7)
      tins (<= 1.6.0)
    ruby-progressbar (1.7.5)
    sinatra (1.4.6)
      rack (~> 1.4)
      rack-protection (~> 1.4)
      tilt (>= 1.3, < 3)
    stickler (2.4.2)
      addressable (~> 2.3)
      excon (~> 0.37)
      logging (~> 1.8)
      sinatra (~> 1.4)
      trollop (~> 2.1)
    tilt (2.0.2)
    tins (1.6.0)
    trollop (2.1.2)
    versionomy (0.5.0)
      blockenspiel (~> 0.5)

PLATFORMS
  ruby

DEPENDENCIES
  gemrake!
  git!
  gitrake!
  oversion!
  repocritic!

BUNDLED WITH
   1.12.5
