GEM
  remote: https://rubygems.org/
  remote: http://gems.ai-traders.com/
  specs:
    ait-configurator (0.1.3)
      psych (~> 2.0.5)
    blockenspiel (0.5.0)
    diplomat (1.2.0)
      faraday (~> 0.9)
      json
    faraday (0.12.0.1)
      multipart-post (>= 1.2, < 3)
    git (100.2.9.1)
    gitrake (0.3.1)
      git (= 100.2.9.1)
      oversion (>= 0.3.0)
      rake (>= 10.4.2)
      versionomy (= 0.5.0)
    json (2.0.4)
    multipart-post (2.0.0)
    oversion (0.3.2)
      ait-configurator (>= 0.1.2)
      diplomat (>= 0.13.1)
    psych (2.0.17)
    rake (12.0.0)
    versionomy (0.5.0)
      blockenspiel (~> 0.5)

PLATFORMS
  ruby

DEPENDENCIES
  git!
  gitrake!
  oversion!

BUNDLED WITH
   1.12.5
