GEM
  remote: https://rubygems.org/
  specs:
    artifactory (2.3.3)
    kitchen-docker_cli (0.18.0)
      test-kitchen (>= 1.3)
    mixlib-install (1.1.0)
      artifactory
      mixlib-shellout
      mixlib-versioning
    mixlib-shellout (2.2.7)
    mixlib-versioning (1.1.0)
    net-scp (1.2.1)
      net-ssh (>= 2.6.5)
    net-ssh (3.2.0)
    net-ssh-gateway (1.2.0)
      net-ssh (>= 2.6.5)
    rake (11.2.2)
    safe_yaml (1.0.4)
    test-kitchen (1.11.1)
      mixlib-install (~> 1.0, >= 1.0.4)
      mixlib-shellout (>= 1.2, < 3.0)
      net-scp (~> 1.1)
      net-ssh (>= 2.9, < 4.0)
      net-ssh-gateway (~> 1.2.0)
      safe_yaml (~> 1.0)
      thor (~> 0.18)
    thor (0.19.1)

PLATFORMS
  ruby

DEPENDENCIES
  kitchen-docker_cli
  rake
  test-kitchen

BUNDLED WITH
   1.10.5
